GEM
  remote: https://rubygems.org/
  specs:
    em-websocket (0.5.1)
      eventmachine (>= 0.12.9)
      http_parser.rb (~> 0.6.0)
    em-websocket-client (0.1.2)
      eventmachine
      websocket
    event_emitter (0.2.5)
    eventmachine (1.2.3)
    faye-websocket (0.10.7)
      eventmachine (>= 0.12.0)
      websocket-driver (>= 0.5.1)
    http_parser.rb (0.6.0)
    httparty (0.14.0)
      multi_xml (>= 0.5.2)
    json (2.0.4)
    multi_xml (0.6.0)
    socket.io-client-simple (1.2.1)
      event_emitter
      httparty
      json
      websocket-client-simple (~> 0.3.0)
    websocket (1.2.4)
    websocket-client-simple (0.3.0)
      event_emitter
      websocket
    websocket-driver (0.6.5)
      websocket-extensions (>= 0.1.0)
    websocket-eventmachine-base (1.2.0)
      eventmachine (~> 1.0)
      websocket (~> 1.0)
      websocket-native (~> 1.0)
    websocket-eventmachine-client (1.2.0)
      websocket-eventmachine-base (~> 1.0)
    websocket-extensions (0.1.2)
    websocket-native (1.0.0)

PLATFORMS
  ruby

DEPENDENCIES
  em-websocket
  em-websocket-client
  eventmachine
  faye-websocket
  socket.io-client-simple
  websocket-client-simple
  websocket-eventmachine-client

BUNDLED WITH
   1.14.5
